GEM
  remote: https://rubygems.org/
  specs:
    ProMotion (1.1.2)
      methadone
    bubble-wrap (1.4.0)
    formotion (1.7)
      bubble-wrap (~> 1.4.0)
      motion-require (~> 0.0.3)
    methadone (1.3.2)
      bundler
    motion-require (0.0.7)
    rake (10.1.1)

PLATFORMS
  ruby

DEPENDENCIES
  ProMotion (~> 1.1.2)
  bubble-wrap (~> 1.4.0)
  formotion (~> 1.7)
  rake
